GEM
  remote: https://rubygems.org/
  specs:
    base64 (0.2.0)
    bigdecimal (3.1.8)
    json (2.7.2)
    matrix (0.4.2)
    mustermann (3.0.3)
      ruby2_keywords (~> 0.0.1)
    nio4r (2.7.3)
    noaccent (0.1.3)
    observer (0.1.2)
    pdf-core (0.10.0)
    pkg-config (1.5.6)
    prawn (2.5.0)
      matrix (~> 0.4)
      pdf-core (~> 0.10.0)
      ttfunk (~> 1.8)
    puma (6.4.3)
      nio4r (~> 2.0)
    rack (3.1.7)
    rack-protection (4.0.0)
      base64 (>= 0.1.0)
      rack (>= 3.0.0, < 4)
    rack-session (2.0.0)
      rack (>= 3.0.0)
    rackup (2.1.0)
      rack (>= 3)
      webrick (~> 1.8)
    rmagick (6.0.1)
      observer (~> 0.1)
      pkg-config (~> 1.4)
    ruby2_keywords (0.0.5)
    rubyzip (2.3.2)
    sinatra (4.0.0)
      mustermann (~> 3.0)
      rack (>= 3.0.0, < 4)
      rack-protection (= 4.0.0)
      rack-session (>= 2.0.0, < 3)
      tilt (~> 2.0)
    tilt (2.4.0)
    ttfunk (1.8.0)
      bigdecimal (~> 3.1)
    webrick (1.8.2)
    yaml (0.3.0)

PLATFORMS
  ruby
  x86_64-linux

DEPENDENCIES
  json
  noaccent
  prawn
  puma
  rackup (~> 2.1)
  rmagick
  rubyzip
  sinatra
  yaml

BUNDLED WITH
   2.5.16
